PATH
  remote: .
  specs:
    adocsite (1.0.0)
      asciidoctor
      commander
      haml
      mime-types
      nokogiri
      rubypress
      terminal-table
      tilt

GEM
  remote: https://rubygems.org/
  specs:
    asciidoctor (0.1.4)
    commander (4.1.6)
      highline (~> 1.6.11)
    haml (4.0.5)
      tilt
    highline (1.6.21)
    mime-types (1.25.1)
    mini_portile (0.5.2)
    nokogiri (1.6.1)
      mini_portile (~> 0.5.0)
    rake (10.1.1)
    rubypress (1.0.4)
    terminal-table (1.4.5)
    tilt (2.0.0)

PLATFORMS
  ruby

DEPENDENCIES
  adocsite!
  bundler (~> 1.5)
  rake
